GEM
  remote: http://rubygems.org/
  specs:
    json (1.0.0)

PLATFORMS
  ruby

DEPENDENCIES
  json (= 1.0.0)

BUNDLED WITH
   1.13.6
