GEM
  remote: http://rubygems.org/
  specs:
    json (2.0.3)

PLATFORMS
  ruby

DEPENDENCIES
  json (>= 1.5.5)

BUNDLED WITH
   1.13.6
